PATH
  remote: /Users/djump/Code/Ruby/marcel
  specs:
    marcel (0.0.1)
      hutch (~> 0.15)

GEM
  remote: https://rubygems.org/
  specs:
    amq-protocol (1.9.2)
    bunny (1.7.0)
      amq-protocol (>= 1.9.2)
    carrot-top (0.0.7)
      json
    embedly (1.9.1)
      json
      oauth
      querystring
    hutch (0.15.0)
      bunny (>= 1.7.0)
      carrot-top (~> 0.0.7)
      multi_json (~> 1.5)
    json (1.8.1)
    multi_json (1.11.0)
    oauth (0.4.7)
    querystring (0.1.0)
    rake (10.4.2)

PLATFORMS
  ruby

DEPENDENCIES
  embedly (~> 1.9.1)
  marcel!
  rake (~> 10.4.2)
