GEM
  remote: https://rubygems.org/
  specs:
    amq-protocol (1.9.2)
    bunny (1.7.0)
      amq-protocol (>= 1.9.2)
    carrot-top (0.0.7)
      json
    hutch (0.15.0)
      bunny (>= 1.7.0)
      carrot-top (~> 0.0.7)
      multi_json (~> 1.5)
    json (1.8.1)
    multi_json (1.11.0)
    rake (10.4.2)

PLATFORMS
  ruby

DEPENDENCIES
  bunny (~> 1.7.0)
  hutch (~> 0.15.0)
  rake (~> 10.4.2)
